NUGET
  remote: https://nuget.org/api/v2
  specs:
    Helios (1.4.0)
    Newtonsoft.Json (6.0.8)
